GEM
  remote: https://rubygems.org/
  specs:
    addressable (2.4.0)
    ast (2.3.0)
    coderay (1.1.1)
    domain_name (0.5.20160615)
      unf (>= 0.0.5, < 1.0.0)
    equatable (0.5.0)
    http (2.0.3)
      addressable (~> 2.3)
      http-cookie (~> 1.0)
      http-form_data (~> 1.0.1)
      http_parser.rb (~> 0.6.0)
    http-cookie (1.0.2)
      domain_name (~> 0.5)
    http-form_data (1.0.1)
    http_parser.rb (0.6.0)
    method_source (0.8.2)
    mini_portile2 (2.5.1)
    minitest (5.9.1)
    necromancer (0.3.0)
    nokogiri (1.11.4)
      mini_portile2 (~> 2.5.0)
      racc (~> 1.4)
    parser (2.3.1.4)
      ast (~> 2.2)
    pastel (0.6.1)
      equatable (~> 0.5.0)
      tty-color (~> 0.3.0)
    powerpack (0.1.1)
    pry (0.10.4)
      coderay (~> 1.1.0)
      method_source (~> 0.8.1)
      slop (~> 3.4)
    racc (1.5.2)
    rainbow (2.1.0)
    rake (11.3.0)
    require_all (1.3.3)
    rubocop (0.43.0)
      parser (>= 2.3.1.1, < 3.0)
      powerpack (~> 0.1)
      rainbow (>= 1.99.1, < 3.0)
      ruby-progressbar (~> 1.7)
      unicode-display_width (~> 1.0, >= 1.0.1)
    ruby-progressbar (1.8.1)
    slop (3.6.0)
    tty (0.5.0)
      equatable (~> 0.5.0)
      pastel (~> 0.6.0)
      tty-color (~> 0.3.0)
      tty-command (~> 0.1.0)
      tty-cursor (~> 0.3.0)
      tty-pager (~> 0.4.0)
      tty-platform (~> 0.1.0)
      tty-progressbar (~> 0.9.0)
      tty-prompt (~> 0.6.0)
      tty-screen (~> 0.5.0)
      tty-spinner (~> 0.2.0)
      tty-table (~> 0.5.0)
      tty-which (~> 0.1.0)
    tty-color (0.3.0)
    tty-command (0.1.0)
      pastel (~> 0.6.0)
    tty-cursor (0.3.0)
    tty-pager (0.4.0)
      tty-screen (~> 0.5.0)
      tty-which (~> 0.1.0)
      verse (~> 0.4.0)
    tty-platform (0.1.0)
    tty-progressbar (0.9.0)
      tty-screen (~> 0.5.0)
    tty-prompt (0.6.0)
      necromancer (~> 0.3.0)
      pastel (~> 0.6.0)
      tty-cursor (~> 0.3.0)
      tty-platform (~> 0.1.0)
      wisper (~> 1.6.1)
    tty-screen (0.5.0)
    tty-spinner (0.2.0)
    tty-table (0.5.0)
      equatable (~> 0.5.0)
      necromancer (~> 0.3.0)
      pastel (~> 0.6.0)
      tty-screen (~> 0.5.0)
      unicode_utils (~> 1.4.0)
      verse (~> 0.4.0)
    tty-which (0.1.0)
    unf (0.1.4)
      unf_ext
    unf_ext (0.0.7.2)
    unicode-display_width (1.1.1)
    unicode_utils (1.4.0)
    verse (0.4.0)
      unicode_utils (~> 1.4.0)
    wisper (1.6.1)

PLATFORMS
  ruby

DEPENDENCIES
  http
  minitest
  nokogiri (>= 1.11.4)
  pry
  rake
  require_all
  rubocop
  tty

BUNDLED WITH
   1.17.3
